PATH
  remote: .
  specs:
    jenkins (0.6.5)
      builder (~> 2.1.2)
      hpricot
      httparty (~> 0.7.0)
      json_pure (>= 1.5.1)
      term-ansicolor (>= 1.0.4)
      thor (~> 0.14.2)

GEM
  remote: http://rubygems.org/
  specs:
    awesome_print (0.3.2)
    builder (2.1.2)
    crack (0.1.8)
    cucumber (0.10.0)
      builder (>= 2.1.2)
      diff-lcs (~> 1.1.2)
      gherkin (~> 2.3.2)
      json (~> 1.4.6)
      term-ansicolor (~> 1.0.5)
    diff-lcs (1.1.2)
    gherkin (2.3.4)
      json (~> 1.4.6)
    hpricot (0.8.4)
    httparty (0.7.8)
      crack (= 0.1.8)
    jenkins-war (1.401)
    json (1.4.6)
    json_pure (1.5.4)
      spruz (~> 0.2.8)
    rake (0.8.7)
    rspec (2.0.1)
      rspec-core (~> 2.0.1)
      rspec-expectations (~> 2.0.1)
      rspec-mocks (~> 2.0.1)
    rspec-core (2.0.1)
    rspec-expectations (2.0.1)
      diff-lcs (>= 1.1.2)
    rspec-mocks (2.0.1)
      rspec-core (~> 2.0.1)
      rspec-expectations (~> 2.0.1)
    spruz (0.2.13)
    term-ansicolor (1.0.5)
    thor (0.14.6)

PLATFORMS
  ruby

DEPENDENCIES
  awesome_print
  cucumber (~> 0.10.0)
  jenkins!
  jenkins-war (>= 1.396)
  rake (~> 0.8.7)
  rspec (~> 2.0.0)
